GEM
  remote: https://rubygems.org/
  specs:
    state_machine (1.2.0)

PLATFORMS
  x64-mingw32

DEPENDENCIES
  state_machine

BUNDLED WITH
   2.2.15
